STORAGE: NONE
RESTRICTION: == netstandard2.0
NUGET
  remote: https://api.nuget.org/v3/index.json
    FSharp.Core (6.0.1)
    Microsoft.Bcl.AsyncInterfaces (6.0)
      System.Threading.Tasks.Extensions (>= 4.5.4)
    Microsoft.Bcl.HashCode (1.1.1)
    NetTopologySuite (2.1)
      System.Memory (>= 4.5.3)
    NetTopologySuite.IO.PostGis (2.1)
      NetTopologySuite (>= 2.0 < 3.0.0-A)
    Npgsql (6.0.5)
      Microsoft.Bcl.AsyncInterfaces (>= 6.0)
      Microsoft.Bcl.HashCode (>= 1.1.1)
      System.Collections.Immutable (>= 6.0)
      System.Diagnostics.DiagnosticSource (>= 6.0)
      System.Memory (>= 4.5.4)
      System.Runtime.CompilerServices.Unsafe (>= 6.0)
      System.Text.Json (>= 6.0)
      System.Threading.Channels (>= 6.0)
      System.Threading.Tasks.Extensions (>= 4.5.4)
      System.ValueTuple (>= 4.5)
    Npgsql.NetTopologySuite (6.0.5)
      NetTopologySuite.IO.PostGis (>= 2.1)
      Npgsql (>= 6.0.5)
    System.Buffers (4.5.1)
    System.Collections.Immutable (6.0)
      System.Memory (>= 4.5.4)
      System.Runtime.CompilerServices.Unsafe (>= 6.0)
    System.Diagnostics.DiagnosticSource (6.0)
      System.Memory (>= 4.5.4)
      System.Runtime.CompilerServices.Unsafe (>= 6.0)
    System.Memory (4.5.4)
      System.Buffers (>= 4.5.1)
      System.Numerics.Vectors (>= 4.4)
      System.Runtime.CompilerServices.Unsafe (>= 4.5.3)
    System.Numerics.Vectors (4.5)
    System.Runtime.CompilerServices.Unsafe (6.0)
    System.Text.Encodings.Web (6.0)
      System.Buffers (>= 4.5.1)
      System.Memory (>= 4.5.4)
      System.Runtime.CompilerServices.Unsafe (>= 6.0)
    System.Text.Json (6.0.1)
      Microsoft.Bcl.AsyncInterfaces (>= 6.0)
      System.Buffers (>= 4.5.1)
      System.Memory (>= 4.5.4)
      System.Numerics.Vectors (>= 4.5)
      System.Runtime.CompilerServices.Unsafe (>= 6.0)
      System.Text.Encodings.Web (>= 6.0)
      System.Threading.Tasks.Extensions (>= 4.5.4)
    System.Threading.Channels (6.0)
      System.Threading.Tasks.Extensions (>= 4.5.4)
    System.Threading.Tasks.Extensions (4.5.4)
      System.Runtime.CompilerServices.Unsafe (>= 4.5.3)
    System.ValueTuple (4.5)

GROUP tests
STORAGE: NONE
RESTRICTION: == net6.0
NUGET
  remote: https://api.nuget.org/v3/index.json
    FSharp.Core (6.0.1)
    Microsoft.CodeCoverage (17.0)
    Microsoft.NET.Test.Sdk (17.0)
      Microsoft.CodeCoverage (>= 17.0)
      Microsoft.TestPlatform.TestHost (>= 17.0)
    Microsoft.NETCore.Platforms (5.0)
    Microsoft.TestPlatform.ObjectModel (17.0)
      NuGet.Frameworks (>= 5.0)
      System.Reflection.Metadata (>= 1.6)
    Microsoft.TestPlatform.TestHost (17.0)
      Microsoft.TestPlatform.ObjectModel (>= 17.0)
      Newtonsoft.Json (>= 9.0.1)
    NETStandard.Library (2.0.3)
      Microsoft.NETCore.Platforms (>= 1.1)
    NetTopologySuite (2.1)
      System.Memory (>= 4.5.3)
    NetTopologySuite.IO.PostGis (2.1)
      NetTopologySuite (>= 2.0 < 3.0.0-A)
    Newtonsoft.Json (12.0.3)
    Npgsql (6.0.5)
      System.Runtime.CompilerServices.Unsafe (>= 6.0)
    Npgsql.NetTopologySuite (6.0.5)
      NetTopologySuite.IO.PostGis (>= 2.1)
      Npgsql (>= 6.0.5)
    NuGet.Frameworks (5.8)
    System.Memory (4.5.4)
    System.Reflection.Metadata (5.0)
    System.Runtime.CompilerServices.Unsafe (6.0)
    xunit (2.4.1)
      xunit.analyzers (>= 0.10)
      xunit.assert (2.4.1)
      xunit.core (2.4.1)
    xunit.abstractions (2.0.3)
    xunit.analyzers (0.10)
    xunit.assert (2.4.1)
      NETStandard.Library (>= 1.6.1)
    xunit.core (2.4.1)
      xunit.extensibility.core (2.4.1)
      xunit.extensibility.execution (2.4.1)
    xunit.extensibility.core (2.4.1)
      NETStandard.Library (>= 1.6.1)
      xunit.abstractions (>= 2.0.3)
    xunit.extensibility.execution (2.4.1)
      NETStandard.Library (>= 1.6.1)
      xunit.extensibility.core (2.4.1)
    xunit.runner.visualstudio (2.4.3)

GROUP tpsdk
STORAGE: NONE
RESTRICTION: == netstandard2.0
GITHUB
  remote: demetrixbio/FSharp.TypeProviders.SDK
    src/ProvidedTypes.fs (190f78e4aec2b388c48f9ee79205d5a315a3cc2c)
    src/ProvidedTypes.fsi (190f78e4aec2b388c48f9ee79205d5a315a3cc2c)